GEM
  specs:
    kramdown (2.4.0)
      rexml
    liquid (5.3.0)
    rexml (3.2.5)

PLATFORMS
  x86_64-linux

DEPENDENCIES
  kramdown
  liquid

BUNDLED WITH
   2.3.16
